GIT
  remote: https://github.com/anitagraham/refinerycms-blog
  revision: 0d7541ab6fc671fbc5a81998203df1adf6235717
  branch: feature/refinery-5
  specs:
    refinerycms-blog (5.0.0)
      activemodel-serializers-xml (~> 1.0, >= 1.0.1)
      acts-as-taggable-on
      filters_spam (~> 0.2)
      friendly_id (>= 5.1.0, < 5.3)
      friendly_id-mobility (~> 0.5)
      rails_autolink (~> 1.1.3)
      refinerycms-core (~> 4.0)
      refinerycms-settings (~> 4.0)
      responders (~> 3.0)
      seo_meta (~> 3.0, >= 3.0.0)

GIT
  remote: https://github.com/clearfunction/questionnaire
  revision: 61be93261334b89ea812ad38bd75d1c361295e88
  branch: master
  specs:
    questionnaire_engine (0.1)
      rails (~> 5.1)

GIT
  remote: https://github.com/eug3nix/schema-dot-org
  revision: 0bb7508f3f92e5edac05991d730faecce9cadf46
  branch: pgem_entities
  specs:
    schema_dot_org (1.6.1)
      validated_object (~> 2.0.2)

GIT
  remote: https://github.com/ghoppe/refinerycms-tinymce
  revision: cc25e34c217c297cb3d8bbb46e1023d7d0e3fcbf
  specs:
    refinerycms-tinymce (5.1.4)
      refinerycms-core (>= 3.0.0)

GIT
  remote: https://github.com/refinery/refinerycms
  revision: 0c5fd3b04d6d7f0ce1a4f538fd730fc7df1e2e12
  branch: 4-1-stable
  specs:
    refinerycms (4.1.0)
      refinerycms-core (= 4.1.0)
      refinerycms-images (= 4.1.0)
      refinerycms-pages (= 4.1.0)
      refinerycms-resources (= 4.1.0)
    refinerycms-core (4.1.0)
      actionpack (>= 5.2.0, < 6)
      activerecord (>= 5.2.0, < 6)
      coffee-rails (~> 4.0, >= 4.0.0)
      decorators (~> 2.0, >= 2.0.0)
      font-awesome-sass (>= 4.3.0, < 5.0)
      jquery-rails (~> 4.3, >= 4.3.1)
      jquery-ui-rails (~> 6.0, >= 6.0.0)
      railties (>= 5.2.0, < 6)
      refinerycms-i18n (~> 5.0, >= 5.0.0)
      sass-rails (>= 4.0, < 5.1)
      truncate_html (~> 0.9)
      will_paginate (~> 3.1, >= 3.1.0)
      zilch-authorisation (~> 0, >= 0.0.1)
    refinerycms-dragonfly (1.0.0)
      dragonfly (~> 1.1)
      refinerycms-core (~> 4.0, >= 4.0.2)
    refinerycms-images (4.1.0)
      refinerycms-core (= 4.1.0)
      refinerycms-dragonfly (~> 1.0)
    refinerycms-pages (4.1.0)
      awesome_nested_set (~> 3.1, >= 3.1.0)
      babosa (~> 1.0)
      diffy (~> 3.1, >= 3.1.0)
      friendly_id (>= 5.1.0, < 5.3)
      friendly_id-mobility (~> 0.5)
      refinerycms-core (= 4.1.0)
      seo_meta (~> 3.0, >= 3.0.0)
      speakingurl-rails (~> 8.0, >= 8.0.0)
    refinerycms-resources (4.1.0)
      refinerycms-core (= 4.1.0)
      refinerycms-dragonfly (~> 1.0)

GIT
  remote: https://github.com/refinery/refinerycms-acts-as-indexed
  revision: f866ca26b7bc95516bcb13ba56dd6e6fe3387bc1
  branch: master
  specs:
    refinerycms-acts-as-indexed (4.0.0)
      acts_as_indexed (~> 0.8)
      decorators (~> 2.0)
      refinerycms-core (>= 4.0.0, < 5.0)
      stringex (~> 2.5)

GIT
  remote: https://github.com/refinery/refinerycms-search
  revision: 02ef5c38875fcbb7e7c0a04ba58fcf1dcc598e05
  branch: master
  specs:
    refinerycms-search (4.0.0)
      refinerycms-acts-as-indexed (~> 4.0)
      refinerycms-core (~> 4.0)

GIT
  remote: https://github.com/rozsnyai/refinerycms-dynamicfields
  revision: 9628a568b31bfd6413fb320a75ee7487f111f54e
  branch: update-dependencies
  specs:
    refinerycms-dynamicfields (3.0.0)
      nested_form
      refinerycms-core (~> 4.1.0)

PATH
  remote: vendor/extensions
  specs:
    refinerycms-community_events (1.0)
      acts_as_indexed (~> 0.8.0)
      refinerycms-core (>= 3.0.6)
    refinerycms-meetups (1.0)
      acts_as_indexed (~> 0.8.0)
      refinerycms-core (>= 3.0.6)
    refinerycms-sponsors (1.0)
      acts_as_indexed (~> 0.8.0)
      refinerycms-core (>= 3.0.5)
    refinerycms-team_members (1.0)
      acts_as_indexed (~> 0.8.0)
      refinerycms-core (>= 3.0.5)

GEM
  remote: https://rails-assets.org/
  specs:
    rails-assets-bootstrap (3.4.1)
      rails-assets-jquery (>= 1.9.1, < 4)
    rails-assets-bootstrap-markdown (2.10.0)
      rails-assets-bootstrap (~> 3)
    rails-assets-chartjs (4.4.2)
    rails-assets-date.format (1.2.3)
    rails-assets-holderjs (2.9.6)
    rails-assets-jquery (3.7.1)
    rails-assets-jquery-smooth-scroll (2.2.0)
      rails-assets-jquery (>= 1.7.0)
    rails-assets-markdown (0.5.0)
    rails-assets-momentjs (2.30.1)
    rails-assets-spectrum (1.8.0)
      rails-assets-jquery (>= 1.7.2)
    rails-assets-tinycolor (1.6.0)
    rails-assets-to-markdown (3.1.1)
    rails-assets-trianglify (1.2.0)
    rails-assets-waypoints (4.0.1)

GEM
  remote: https://rubygems.org/
  specs:
    actioncable (5.2.8.1)
      actionpack (= 5.2.8.1)
      nio4r (~> 2.0)
      websocket-driver (>= 0.6.1)
    actionmailer (5.2.8.1)
      actionpack (= 5.2.8.1)
      actionview (= 5.2.8.1)
      activejob (= 5.2.8.1)
      mail (~> 2.5, >= 2.5.4)
      rails-dom-testing (~> 2.0)
    actionpack (5.2.8.1)
      actionview (= 5.2.8.1)
      activesupport (= 5.2.8.1)
      rack (~> 2.0, >= 2.0.8)
      rack-test (>= 0.6.3)
      rails-dom-testing (~> 2.0)
      rails-html-sanitizer (~> 1.0, >= 1.0.2)
    actionview (5.2.8.1)
      activesupport (= 5.2.8.1)
      builder (~> 3.1)
      erubi (~> 1.4)
      rails-dom-testing (~> 2.0)
      rails-html-sanitizer (~> 1.0, >= 1.0.3)
    active_model_serializers (0.10.14)
      actionpack (>= 4.1)
      activemodel (>= 4.1)
      case_transform (>= 0.2)
      jsonapi-renderer (>= 0.1.1.beta1, < 0.3)
    activejob (5.2.8.1)
      activesupport (= 5.2.8.1)
      globalid (>= 0.3.6)
    activemodel (5.2.8.1)
      activesupport (= 5.2.8.1)
    activemodel-serializers-xml (1.0.2)
      activemodel (> 5.x)
      activesupport (> 5.x)
      builder (~> 3.1)
    activerecord (5.2.8.1)
      activemodel (= 5.2.8.1)
      activesupport (= 5.2.8.1)
      arel (>= 9.0)
    activestorage (5.2.8.1)
      actionpack (= 5.2.8.1)
      activerecord (= 5.2.8.1)
      marcel (~> 1.0.0)
    activesupport (5.2.8.1)
      concurrent-ruby (~> 1.0, >= 1.0.2)
      i18n (>= 0.7, < 2)
      minitest (~> 5.1)
      tzinfo (~> 1.1)
    acts-as-taggable-on (8.1.0)
      activerecord (>= 5.0, < 6.2)
    acts_as_commentable_with_threading (2.0.1)
      activerecord (>= 4.0)
      activesupport (>= 4.0)
      awesome_nested_set (>= 3.0)
    acts_as_indexed (0.8.3)
    acts_as_list (1.1.0)
      activerecord (>= 4.2)
    addressable (2.8.6)
      public_suffix (>= 2.0.2, < 6.0)
    ahoy_matey (2.2.1)
      addressable
      browser (~> 2.0)
      device_detector
      geocoder (>= 1.4.5)
      railties (>= 4.2)
      referer-parser (>= 0.3)
      request_store
      safely_block (>= 0.2.1)
      user_agent_parser
    ajax-datatables-rails (1.4.0)
      rails (>= 5.2)
      zeitwerk
    akami (1.3.2)
      gyoku (>= 0.4.0)
      nokogiri
    arel (9.0.0)
    ast (2.4.2)
    autoprefixer-rails (10.4.16.0)
      execjs (~> 2)
    awesome_nested_set (3.6.0)
      activerecord (>= 4.0.0, < 7.2)
    aws_cf_signer (0.1.3)
    babosa (1.0.4)
    base64 (0.2.0)
    bcrypt (3.1.20)
    better_errors (2.10.1)
      erubi (>= 1.0.0)
      rack (>= 0.9.0)
      rouge (>= 1.0.0)
    better_tempfile (0.1.0)
    bigdecimal (3.1.7)
    bindex (0.8.1)
    binding_of_caller (1.0.1)
      debug_inspector (>= 1.2.0)
    bootstrap-sass (3.4.1)
      autoprefixer-rails (>= 5.2.1)
      sassc (>= 2.0.0)
    bootstrap-social-rails (4.12.0)
      railties (>= 3.1)
    bootstrap-switch-rails (3.2.2)
    bootstrap3-datetimepicker-rails (4.17.47)
      momentjs-rails (>= 2.8.1)
    braintree (4.20.0)
      builder (>= 3.2.4)
      rexml (>= 3.1.9)
    browser (2.7.1)
    builder (3.2.4)
    byebug (11.1.3)
    cancancan (3.5.0)
    capybara (3.39.2)
      addressable
      matrix
      mini_mime (>= 0.1.3)
      nokogiri (~> 1.8)
      rack (>= 1.6.0)
      rack-test (>= 0.6.3)
      regexp_parser (>= 1.5, < 3.0)
      xpath (~> 3.2)
    carrierwave (0.11.1)
      activemodel (>= 3.2.0)
      activesupport (>= 3.2.0)
      json (>= 1.7)
      mime-types (>= 1.16)
      mimemagic (>= 0.3.0)
    carrierwave-bombshelter (0.2.2)
      activesupport (>= 3.2.0)
      carrierwave
      fastimage
    case_transform (0.2)
      activesupport
    caxlsx (4.1.0)
      htmlentities (~> 4.3, >= 4.3.4)
      marcel (~> 1.0)
      nokogiri (~> 1.10, >= 1.10.4)
      rubyzip (>= 1.3.0, < 3)
    caxlsx_rails (0.6.3)
      actionpack (>= 3.1)
      caxlsx (>= 3.0)
    chartkick (5.0.6)
    childprocess (5.0.0)
    chronic (0.10.2)
    chunky_png (1.4.0)
    cliver (0.3.2)
    cloudinary (1.29.0)
      aws_cf_signer
      rest-client (>= 2.0.0)
    cocoon (1.2.15)
    coderay (1.1.3)
    coffee-rails (4.2.2)
      coffee-script (>= 2.2.0)
      railties (>= 4.0.0)
    coffee-script (2.4.1)
      coffee-script-source
      execjs
    coffee-script-source (1.12.2)
    concurrent-ruby (1.2.3)
    countries (5.7.2)
      unaccent (~> 0.3)
    country_select (8.0.3)
      countries (~> 5.0)
    coveralls (0.8.23)
      json (>= 1.8, < 3)
      simplecov (~> 0.16.1)
      term-ansicolor (~> 1.3)
      thor (>= 0.19.4, < 2.0)
      tins (~> 1.6)
    crack (1.0.0)
      bigdecimal
      rexml
    crass (1.0.6)
    curb (0.9.11)
    daemons (1.4.1)
    dante (0.2.0)
    database_cleaner (2.0.2)
      database_cleaner-active_record (>= 2, < 3)
    database_cleaner-active_record (2.1.0)
      activerecord (>= 5.a)
      database_cleaner-core (~> 2.0.0)
    database_cleaner-core (2.0.1)
    date (3.3.4)
    debug_inspector (1.2.0)
    decorators (2.0.5)
      railties (>= 4.0.0, < 7)
    delayed_job (4.1.11)
      activesupport (>= 3.0, < 8.0)
    delayed_job_active_record (4.1.8)
      activerecord (>= 3.0, < 8.0)
      delayed_job (>= 3.0, < 5)
    device_detector (1.1.2)
    devise (4.9.4)
      bcrypt (~> 3.0)
      orm_adapter (~> 0.1)
      railties (>= 4.1.0)
      responders
      warden (~> 1.2.3)
    devise_ichain_authenticatable (0.3.2)
      devise (>= 2.2)
    diff-lcs (1.5.1)
    diffy (3.4.2)
    docile (1.4.0)
    domain_name (0.6.20240107)
    dotenv (2.8.1)
    dotenv-rails (2.8.1)
      dotenv (= 2.8.1)
      railties (>= 3.2)
    dragonfly (1.4.0)
      addressable (~> 2.3)
      multi_json (~> 1.0)
      rack (>= 1.3)
    errbase (0.2.2)
    erubi (1.12.0)
    exception_notification (4.5.0)
      actionmailer (>= 5.2, < 8)
      activesupport (>= 5.2, < 8)
    execjs (2.9.1)
    factory_girl (4.9.0)
      activesupport (>= 3.0.0)
    factory_girl_rails (4.9.0)
      factory_girl (~> 4.9.0)
      railties (>= 3.0.0)
    faker (3.3.1)
      i18n (>= 1.8.11, < 2)
    faraday (2.8.1)
      base64
      faraday-net_http (>= 2.0, < 3.1)
      ruby2_keywords (>= 0.0.4)
    faraday-net_http (3.0.2)
    fastimage (2.3.1)
    feedjira (3.2.3)
      loofah (>= 2.3.1, < 3)
      sax-machine (>= 1.0, < 2)
    ffi (1.16.3)
    filters_spam (0.5)
    font-awesome-rails (4.7.0.8)
      railties (>= 3.2, < 8.0)
    font-awesome-sass (4.7.0)
      sass (>= 3.2)
    formatador (1.1.0)
    formtastic (3.1.5)
      actionpack (>= 3.2.13)
    formtastic-bootstrap (3.1.1)
      formtastic (>= 3.0)
    friendly_id (5.2.5)
      activerecord (>= 4.0.0)
    friendly_id-mobility (0.5.5)
      friendly_id (>= 5.0.0, <= 5.4.0)
      mobility (>= 0.5.1, < 1.0)
    geocoder (1.8.2)
    gli (2.21.1)
    globalid (1.1.0)
      activesupport (>= 5.0)
    gon (5.1.2)
      actionpack (>= 2.3.0)
      json
      multi_json
      request_store (>= 1.0.5)
    gravtastic (3.2.6)
    groupdate (6.2.1)
      activesupport (>= 5.2)
    guard (2.18.1)
      formatador (>= 0.2.4)
      listen (>= 2.7, < 4.0)
      lumberjack (>= 1.0.12, < 2.0)
      nenv (~> 0.1)
      notiffany (~> 0.0)
      pry (>= 0.13.0)
      shellany (~> 0.0)
      thor (>= 0.18.1)
    guard-rspec (4.2.10)
      guard (~> 2.1)
      rspec (>= 2.14, < 4.0)
    gyoku (1.4.0)
      builder (>= 2.1.2)
      rexml (~> 3.0)
    haml (6.3.0)
      temple (>= 0.8.2)
      thor
      tilt
    haml-rails (2.1.0)
      actionpack (>= 5.1)
      activesupport (>= 5.1)
      haml (>= 4.0.6)
      railties (>= 5.1)
    haml_lint (0.53.0)
      haml (>= 5.0)
      parallel (~> 1.10)
      rainbow
      rubocop (>= 1.0)
      sysexits (~> 1.1)
    hashdiff (1.1.0)
    hashie (5.0.0)
    hightop (0.3.0)
      activesupport (>= 5.2)
    htmlentities (4.3.4)
    http-accept (1.7.0)
    http-cookie (1.0.5)
      domain_name (~> 0.5)
    httpclient (2.8.3)
    humanize (2.5.1)
    i18n (1.14.4)
      concurrent-ruby (~> 1.0)
    icalendar (2.10.1)
      ice_cube (~> 0.16)
    ice_cube (0.16.4)
    inversion (1.5.0)
      gli (~> 2.21)
      loggability (~> 0.17)
      pastel (~> 0.8)
      sysexits (~> 1.2)
      tty-prompt (~> 0.23)
    invoice_printer (0.0.9)
      json
      prawn
      prawn-layout
    iso-639 (0.3.6)
    jquery-datatables-rails (3.4.0)
      actionpack (>= 3.1)
      jquery-rails
      railties (>= 3.1)
      sass-rails
    jquery-rails (4.3.5)
      rails-dom-testing (>= 1, < 3)
      railties (>= 4.2.0)
      thor (>= 0.14, < 2.0)
    jquery-slick-rails (1.10.0)
      railties (>= 3.1)
    jquery-ui-rails (6.0.1)
      railties (>= 3.2.16)
    json (2.7.2)
    json-schema (4.3.0)
      addressable (>= 2.8)
    jsonapi-renderer (0.2.2)
    jwt (2.8.1)
      base64
    language_server-protocol (3.17.0.3)
    launchy (3.0.0)
      addressable (~> 2.8)
      childprocess (~> 5.0)
    leaflet-rails (1.9.4)
      actionpack (>= 4.2.0)
      railties (>= 4.2.0)
    letter_opener (1.10.0)
      launchy (>= 2.2, < 4)
    letter_opener_web (2.0.0)
      actionmailer (>= 5.2)
      letter_opener (~> 1.7)
      railties (>= 5.2)
      rexml
    libv8-node (16.19.0.1-x86_64-linux)
    listen (3.9.0)
      rb-fsevent (~> 0.10, >= 0.10.3)
      rb-inotify (~> 0.9, >= 0.9.10)
    loggability (0.18.2)
    lolsoap (0.9.0)
      nokogiri (~> 1.5)
    loofah (2.22.0)
      crass (~> 1.0.2)
      nokogiri (>= 1.12.0)
    lumberjack (1.2.10)
    mail (2.8.1)
      mini_mime (>= 0.1.1)
      net-imap
      net-pop
      net-smtp
    marcel (1.0.4)
    matrix (0.4.2)
    maxminddb (0.1.22)
    method_source (1.1.0)
    mime-types (3.5.2)
      mime-types-data (~> 3.2015)
    mime-types-data (3.2024.0305)
    mimemagic (0.4.3)
      nokogiri (~> 1)
      rake
    mina (1.2.5)
      rake
    mini_magick (4.12.0)
    mini_mime (1.1.5)
    mini_racer (0.6.4)
      libv8-node (~> 16.19.0.0)
    minitest (5.22.3)
    mobility (0.8.13)
      i18n (>= 0.6.10, < 2)
      request_store (~> 1.0)
    momentjs-rails (2.29.4.1)
      railties (>= 3.1)
    monetize (1.13.0)
      money (~> 6.12)
    money (6.19.0)
      i18n (>= 0.6.4, <= 2)
    money-rails (1.15.0)
      activesupport (>= 3.0)
      monetize (~> 1.9)
      money (~> 6.13)
      railties (>= 3.0)
    multi_json (1.15.0)
    multi_xml (0.6.0)
    nenv (0.3.0)
    nested_form (0.3.2)
    net-imap (0.4.10)
      date
      net-protocol
    net-pop (0.1.2)
      net-protocol
    net-protocol (0.2.2)
      timeout
    net-smtp (0.5.0)
      net-protocol
    netrc (0.11.0)
    nio4r (2.7.1)
    nokogiri (1.15.6-x86_64-linux)
      racc (~> 1.4)
    notiffany (0.1.3)
      nenv (~> 0.1)
      shellany (~> 0.0)
    oauth2 (1.4.11)
      faraday (>= 0.17.3, < 3.0)
      jwt (>= 1.0, < 3.0)
      multi_json (~> 1.3)
      multi_xml (~> 0.5)
      rack (>= 1.2, < 4)
    omniauth (2.0.4)
      hashie (>= 3.4.6)
      rack (>= 1.6.2, < 3)
      rack-protection
    omniauth-facebook (8.0.0)
      omniauth-oauth2 (~> 1.2)
    omniauth-github (2.0.0)
      omniauth (~> 2.0)
      omniauth-oauth2 (~> 1.7.1)
    omniauth-google-oauth2 (1.0.0)
      jwt (>= 2.0)
      oauth2 (~> 1.1)
      omniauth (~> 2.0)
      omniauth-oauth2 (~> 1.7.1)
    omniauth-oauth2 (1.7.3)
      oauth2 (>= 1.4, < 3)
      omniauth (>= 1.9, < 3)
    omniauth-openid (2.0.1)
      omniauth (>= 1.0, < 3.0)
      rack-openid (~> 1.4.0)
    omniauth-rails_csrf_protection (1.0.1)
      actionpack (>= 4.2)
      omniauth (~> 2.0)
    orm_adapter (0.5.0)
    paper_trail (13.0.0)
      activerecord (>= 5.2)
      request_store (~> 1.1)
    parallel (1.24.0)
    parser (3.3.0.5)
      ast (~> 2.4.1)
      racc
    pastel (0.8.0)
      tty-color (~> 0.5)
    pbkdf2_password_hasher (0.2.0)
    pdf-core (0.4.0)
    pg (1.5.6)
    phantomjs (2.1.1.0)
    piwik_analytics (1.0.2)
      actionpack
      activesupport
      rails (>= 3.0.0)
    poltergeist (1.18.1)
      capybara (>= 2.1, < 4)
      cliver (~> 0.3.1)
      websocket-driver (>= 0.2.0)
    prawn (1.3.0)
      pdf-core (~> 0.4.0)
      ttfunk (~> 1.4.0)
    prawn-layout (0.8.4)
    prawn-qrcode (0.2.2.1)
      prawn (>= 0.11.1)
      rqrcode (>= 0.4.1)
    prawn_rails (0.0.12)
      prawn (>= 0.11.1)
      railties (>= 3.0.0)
    pry (0.14.2)
      coderay (~> 1.1)
      method_source (~> 1.0)
    psych (5.1.2)
      stringio
    public_suffix (5.0.5)
    puma (6.4.2)
      nio4r (~> 2.0)
    racc (1.7.3)
    rack (2.2.9)
    rack-openid (1.4.2)
      rack (>= 1.1.0)
      ruby-openid (>= 2.1.8)
    rack-protection (3.2.0)
      base64 (>= 0.1.0)
      rack (~> 2.2, >= 2.2.4)
    rack-test (2.1.0)
      rack (>= 1.3)
    rails (5.2.8.1)
      actioncable (= 5.2.8.1)
      actionmailer (= 5.2.8.1)
      actionpack (= 5.2.8.1)
      actionview (= 5.2.8.1)
      activejob (= 5.2.8.1)
      activemodel (= 5.2.8.1)
      activerecord (= 5.2.8.1)
      activestorage (= 5.2.8.1)
      activesupport (= 5.2.8.1)
      bundler (>= 1.3.0)
      railties (= 5.2.8.1)
      sprockets-rails (>= 2.0.0)
    rails-dom-testing (2.2.0)
      activesupport (>= 5.0.0)
      minitest
      nokogiri (>= 1.6)
    rails-html-sanitizer (1.6.0)
      loofah (~> 2.21)
      nokogiri (~> 1.14)
    rails-i18n (5.1.3)
      i18n (>= 0.7, < 2)
      railties (>= 5.0, < 6)
    rails-observers (0.1.5)
      activemodel (>= 4.0)
    rails_autolink (1.1.8)
      actionview (> 3.1)
      activesupport (> 3.1)
      railties (> 3.1)
    rails_pdf (0.2.1)
      better_tempfile
      rails (>= 4.2.0)
    railties (5.2.8.1)
      actionpack (= 5.2.8.1)
      activesupport (= 5.2.8.1)
      method_source
      rake (>= 0.8.7)
      thor (>= 0.19.0, < 2.0)
    rainbow (3.1.1)
    rake (13.2.1)
    rb-fsevent (0.11.2)
    rb-inotify (0.10.1)
      ffi (~> 1.0)
    rdoc (6.6.3.1)
      psych (>= 4.0.0)
    rdoc-generator-fivefish (0.4.0)
      inversion (~> 1.1)
      loggability (~> 0.12)
      rdoc (~> 6.0)
      yajl-ruby (~> 1.3)
    recaptcha (5.16.0)
    redcarpet (3.6.0)
    referer-parser (0.3.0)
    refinerycms-i18n (5.0.1)
      mobility (~> 0.8.8)
      rails-i18n (>= 5.0)
      routing-filter (~> 0.4)
    refinerycms-settings (4.0.1)
      friendly_id (>= 5.1.0, < 5.3)
      refinerycms-core (~> 4.0, >= 4.0.0)
    regexp_parser (2.9.0)
    request_store (1.6.0)
      rack (>= 1.4)
    responders (3.1.1)
      actionpack (>= 5.2)
      railties (>= 5.2)
    rest-client (2.1.0)
      http-accept (>= 1.7.0, < 2.0)
      http-cookie (>= 1.0.2, < 2.0)
      mime-types (>= 1.16, < 4.0)
      netrc (~> 0.8)
    rexml (3.2.6)
    rolify (6.0.1)
    rouge (4.2.1)
    routing-filter (0.6.3)
      actionpack (>= 4.2)
      activesupport (>= 4.2)
    rqrcode (2.2.0)
      chunky_png (~> 1.0)
      rqrcode_core (~> 1.0)
    rqrcode_core (1.2.0)
    rspec (3.13.0)
      rspec-core (~> 3.13.0)
      rspec-expectations (~> 3.13.0)
      rspec-mocks (~> 3.13.0)
    rspec-activemodel-mocks (1.2.0)
      activemodel (>= 3.0)
      activesupport (>= 3.0)
      rspec-mocks (>= 2.99, < 4.0)
    rspec-core (3.13.0)
      rspec-support (~> 3.13.0)
    rspec-expectations (3.13.0)
      diff-lcs (>= 1.2.0, < 2.0)
      rspec-support (~> 3.13.0)
    rspec-mocks (3.13.0)
      diff-lcs (>= 1.2.0, < 2.0)
      rspec-support (~> 3.13.0)
    rspec-rails (5.1.2)
      actionpack (>= 5.2)
      activesupport (>= 5.2)
      railties (>= 5.2)
      rspec-core (~> 3.10)
      rspec-expectations (~> 3.10)
      rspec-mocks (~> 3.10)
      rspec-support (~> 3.10)
    rspec-support (3.13.1)
    rubocop (1.63.2)
      json (~> 2.3)
      language_server-protocol (>= 3.17.0)
      parallel (~> 1.10)
      parser (>= 3.3.0.2)
      rainbow (>= 2.2.2, < 4.0)
      regexp_parser (>= 1.8, < 3.0)
      rexml (>= 3.2.5, < 4.0)
      rubocop-ast (>= 1.31.1, < 2.0)
      ruby-progressbar (~> 1.7)
      unicode-display_width (>= 2.4.0, < 3.0)
    rubocop-ast (1.31.2)
      parser (>= 3.3.0.4)
    rubocop-capybara (2.20.0)
      rubocop (~> 1.41)
    rubocop-factory_bot (2.25.1)
      rubocop (~> 1.41)
    rubocop-rspec (2.29.1)
      rubocop (~> 1.40)
      rubocop-capybara (~> 2.17)
      rubocop-factory_bot (~> 2.22)
      rubocop-rspec_rails (~> 2.28)
    rubocop-rspec_rails (2.28.3)
      rubocop (~> 1.40)
    ruby-oembed (0.14.1)
    ruby-openid (2.9.2)
    ruby-progressbar (1.13.0)
    ruby2_keywords (0.0.5)
    rubyzip (2.3.2)
    safely_block (0.3.0)
      errbase (>= 0.1.1)
    sass (3.7.4)
      sass-listen (~> 4.0.0)
    sass-listen (4.0.0)
      rb-fsevent (~> 0.9, >= 0.9.4)
      rb-inotify (~> 0.9, >= 0.9.7)
    sass-rails (5.0.8)
      railties (>= 5.2.0)
      sass (~> 3.1)
      sprockets (>= 2.8, < 4.0)
      sprockets-rails (>= 2.0, < 4.0)
      tilt (>= 1.1, < 3)
    sassc (2.4.0)
      ffi (~> 1.9)
    sax-machine (1.3.2)
    sched (0.1.13)
      curb (~> 0.9.3)
    seed_dump (3.3.1)
      activerecord (>= 4)
      activesupport (>= 4)
    selectize-rails (0.12.6)
    seo_meta (3.1.0)
      railties (>= 5.0.0)
    shellany (0.0.1)
    shoulda-matchers (5.3.0)
      activesupport (>= 5.2.0)
    simple_calendar (2.4.3)
      rails (>= 3.0)
    simplecov (0.16.1)
      docile (~> 1.1)
      json (>= 1.8, < 3)
      simplecov-html (~> 0.10.0)
    simplecov-html (0.10.2)
    speakingurl-rails (8.0.2)
      railties (>= 3.1)
    spring (4.2.0)
    spring-commands-rspec (1.0.4)
      spring (>= 0.9.1)
    sprockets (3.7.3)
      base64
      concurrent-ruby (~> 1.0)
      rack (> 1, < 3)
    sprockets-rails (3.4.2)
      actionpack (>= 5.2)
      activesupport (>= 5.2)
      sprockets (>= 3.0.0)
    stringex (2.8.6)
    stringio (3.1.0)
    stripe (5.55.0)
    stripe-ruby-mock (3.1.0)
      dante (>= 0.2.0)
      multi_json (~> 1.0)
      stripe (> 5, < 6)
    sync (0.5.0)
    sysexits (1.2.0)
    temple (0.10.3)
    term-ansicolor (1.8.0)
      tins (~> 1.0)
    thor (1.3.1)
    thread_safe (0.3.6)
    tilt (2.3.0)
    timecop (0.9.8)
    timeout (0.4.1)
    tins (1.33.0)
      bigdecimal
      sync
    transitions (1.3.0)
    truncate_html (0.9.3)
    ttfunk (1.4.0)
    tty-color (0.6.0)
    tty-cursor (0.7.1)
    tty-prompt (0.23.1)
      pastel (~> 0.8)
      tty-reader (~> 0.8)
    tty-reader (0.9.0)
      tty-cursor (~> 0.7)
      tty-screen (~> 0.8)
      wisper (~> 2.0)
    tty-screen (0.8.2)
    turbolinks (5.2.1)
      turbolinks-source (~> 5.2)
    turbolinks-source (5.2.0)
    tzinfo (1.2.11)
      thread_safe (~> 0.1)
    uglifier (4.2.0)
      execjs (>= 0.3.0, < 3)
    unaccent (0.4.0)
    unicode-display_width (2.5.0)
    unobtrusive_flash (3.3.1)
      railties
    user_agent_parser (2.17.0)
    uuidtools (2.2.0)
    validated_object (2.0.3)
      activemodel (>= 3.2.21)
    warden (1.2.9)
      rack (>= 2.0.9)
    web-console (3.7.0)
      actionview (>= 5.0)
      activemodel (>= 5.0)
      bindex (>= 0.4.0)
      railties (>= 5.0)
    webmock (3.23.0)
      addressable (>= 2.8.0)
      crack (>= 0.3.2)
      hashdiff (>= 0.4.0, < 2.0.0)
    websocket-driver (0.7.6)
      websocket-extensions (>= 0.1.0)
    websocket-extensions (0.1.5)
    whenever (1.0.0)
      chronic (>= 0.6.3)
    will_paginate (3.3.1)
    will_paginate-bootstrap (1.0.2)
      will_paginate (>= 3.0.3)
    wisper (2.0.1)
    xpath (3.2.0)
      nokogiri (~> 1.8)
    yajl-ruby (1.4.3)
    zeitwerk (2.6.13)
    zilch-authorisation (0.0.1)

PLATFORMS
  x86_64-linux

DEPENDENCIES
  active_model_serializers
  acts-as-taggable-on
  acts_as_commentable_with_threading
  acts_as_list
  ahoy_matey (~> 2)
  ajax-datatables-rails
  akami (~> 1.3, >= 1.3.1)
  autoprefixer-rails
  awesome_nested_set
  better_errors
  better_tempfile
  binding_of_caller
  bootstrap-sass (~> 3.4.1)
  bootstrap-social-rails
  bootstrap-switch-rails (~> 3.2.2)
  bootstrap3-datetimepicker-rails (~> 4.17.47)
  braintree
  byebug
  cancancan
  capybara
  carrierwave (= 0.11.1)
  carrierwave-bombshelter
  caxlsx
  caxlsx_rails
  chartkick
  cloudinary
  cocoon
  country_select
  coveralls
  daemons
  database_cleaner
  delayed_job_active_record
  devise (>= 4.8.0)
  devise_ichain_authenticatable
  dotenv-rails
  exception_notification
  factory_girl_rails
  faker
  feedjira
  font-awesome-rails (>= 4.7.0)
  formtastic (~> 3.1.5)
  formtastic-bootstrap
  friendly_id (~> 5.2.5)
  gon (~> 5.1.2)
  gravtastic
  groupdate
  guard-rspec (~> 4.2.8)
  haml-rails
  haml_lint
  hightop
  httpclient (~> 2.8, >= 2.8.3)
  humanize
  icalendar
  invoice_printer
  iso-639
  jquery-datatables-rails
  jquery-rails (~> 4.3.5)
  jquery-slick-rails
  jquery-ui-rails (~> 6.0.1)
  json-schema
  leaflet-rails
  letter_opener
  letter_opener_web
  lolsoap (~> 0.9.0)
  maxminddb
  mina
  mini_magick (>= 4.9.4)
  mini_racer
  money-rails
  nokogiri (>= 1.11.0)
  omniauth (= 2.0.4)
  omniauth-facebook (= 8.0.0)
  omniauth-github (= 2.0.0)
  omniauth-google-oauth2 (= 1.0.0)
  omniauth-openid (= 2.0.1)
  omniauth-rails_csrf_protection (~> 1.0)
  paper_trail
  pbkdf2_password_hasher
  pg
  phantomjs
  piwik_analytics (~> 1.0.1)
  poltergeist
  prawn (~> 1.3.0)
  prawn-qrcode (~> 0.2.2.1)
  prawn_rails
  puma
  questionnaire_engine!
  rails (~> 5.2)
  rails-assets-bootstrap-markdown!
  rails-assets-chartjs!
  rails-assets-date.format!
  rails-assets-holderjs!
  rails-assets-jquery!
  rails-assets-jquery-smooth-scroll!
  rails-assets-markdown!
  rails-assets-momentjs!
  rails-assets-spectrum!
  rails-assets-tinycolor!
  rails-assets-to-markdown (~> 3)!
  rails-assets-trianglify!
  rails-assets-waypoints!
  rails-i18n (~> 5.1)
  rails-observers
  rails_pdf
  rdoc-generator-fivefish (~> 0.4.0)
  recaptcha
  redcarpet (>= 3.5.1)
  refinerycms!
  refinerycms-acts-as-indexed!
  refinerycms-blog!
  refinerycms-community_events!
  refinerycms-dynamicfields!
  refinerycms-meetups!
  refinerycms-search!
  refinerycms-sponsors!
  refinerycms-team_members!
  refinerycms-tinymce!
  responders (~> 3.0)
  rolify
  rqrcode
  rspec-activemodel-mocks
  rspec-rails
  rubocop
  rubocop-rspec
  ruby-oembed (~> 0.14.0)
  rubyzip (>= 1.3.0)
  sass-rails (= 5.0.8)
  sched (~> 0.1.13)
  schema_dot_org!
  seed_dump
  selectize-rails
  shoulda-matchers
  simple_calendar (~> 2.4)
  spring-commands-rspec
  stripe
  stripe-ruby-mock
  timecop
  transitions
  turbolinks
  uglifier (>= 1.3.0)
  unobtrusive_flash (>= 3)
  uuidtools
  web-console (~> 3.0)
  webmock
  whenever
  will_paginate-bootstrap
  yajl-ruby (~> 1.2, >= 1.2.1)

BUNDLED WITH
   2.3.25
